{
    "TaskName": "MatrixCalibration",
    "Manufacturer": "Brain Products",
    "PowerLineFrequency": 60.0,
    "SamplingFrequency": 300.0,
    "SoftwareFilters": "n/a",
    "RecordingDuration": 906.5933333333334,
    "RecordingType": "continuous",
    "EEGReference": "n/a",
    "EEGGround": "n/a",
    "EEGPlacementScheme": "based on the extended 10/20 system",
    "EEGChannelCount": 19,
    "EOGChannelCount": 0,
    "ECGChannelCount": 0,
    "EMGChannelCount": 0,
    "MiscChannelCount": 0,
    "TriggerChannelCount": 0
}
